GEM
  remote: https://rubygems.org/

PLATFORMS
  ruby

DEPENDENCIES
  minima

RUBY VERSION
   ruby 2.3.1p112

BUNDLED WITH
   1.13.1
